GEM
  remote: https://rubygems.org/
  specs:
    asciidoctor (2.0.22)
    asciidoctor-diagram (2.3.0)
      asciidoctor (>= 1.5.7, < 3.x)
      asciidoctor-diagram-ditaamini (~> 1.0)
      asciidoctor-diagram-plantuml (~> 1.2021)
      rexml
    asciidoctor-diagram-ditaamini (1.0.3)
    asciidoctor-diagram-plantuml (1.2024.3)
    bigdecimal (3.1.7)
    matrix (0.4.2)
    pdf-core (0.10.0)
    prawn (2.5.0)
      matrix (~> 0.4)
      pdf-core (~> 0.10.0)
      ttfunk (~> 1.8)
    prawn-icon (3.1.0)
      prawn (>= 1.1.0, < 3.0.0)
    pygments.rb (2.4.1)
    rake (13.1.0)
    rexml (3.2.6)
    ttfunk (1.8.0)
      bigdecimal (~> 3.1)

PLATFORMS
  ruby
  x86_64-linux

DEPENDENCIES
  asciidoctor
  asciidoctor-diagram
  prawn-icon
  pygments.rb
  rake
  ttfunk

BUNDLED WITH
   2.5.11
